PATH
  remote: ../
  specs:
    muck-profiles (3.1.2)
      geokit
      muck-comments
      muck-contents
      muck-engine
      muck-raker
      muck-shares
      muck-solr
      muck-users
      paperclip
      sanitize
      uploader

PATH
  remote: ~/projects/acts_as_solr
  specs:
    muck-solr (3.0.1)

PATH
  remote: ~/projects/muck-activities
  specs:
    muck-activities (3.2.0)
      muck-comments
      muck-engine
      muck-users

PATH
  remote: ~/projects/muck-comments
  specs:
    muck-comments (3.2.0)
      muck-engine
      muck-users
      nested_set
      sanitize

PATH
  remote: ~/projects/muck-contents
  specs:
    muck-contents (3.1.7)
      acts-as-taggable-on
      awesome_nested_set
      babelphish
      friendly_id (>= 3.2.0)
      muck-comments
      muck-engine
      muck-users
      nested_set
      sanitize
      tiny_mce
      uploader

PATH
  remote: ~/projects/muck-engine
  specs:
    muck-engine (3.3.11)
      overlord
      validation_reflection
      will_paginate (~> 3.0.pre2)

PATH
  remote: ~/projects/muck-shares
  specs:
    muck-shares (3.2.0)
      muck-activities
      muck-comments
      muck-engine
      muck-invites
      muck-users

PATH
  remote: ~/projects/muck-users
  specs:
    muck-users (3.2.8)
      authlogic
      bcrypt-ruby
      friendly_id
      muck-engine

GEM
  remote: http://rubygems.org/
  specs:
    POpen4 (0.1.4)
      Platform (>= 0.4.0)
      open4
    Platform (0.4.0)
    abstract (1.0.0)
    actionmailer (3.0.7)
      actionpack (= 3.0.7)
      mail (~> 2.2.15)
    actionpack (3.0.7)
      activemodel (= 3.0.7)
      activesupport (= 3.0.7)
      builder (~> 2.1.2)
      erubis (~> 2.6.6)
      i18n (~> 0.5.0)
      rack (~> 1.2.1)
      rack-mount (~> 0.6.14)
      rack-test (~> 0.5.7)
      tzinfo (~> 0.3.23)
    activemodel (3.0.7)
      activesupport (= 3.0.7)
      builder (~> 2.1.2)
      i18n (~> 0.5.0)
    activerecord (3.0.7)
      activemodel (= 3.0.7)
      activesupport (= 3.0.7)
      arel (~> 2.0.2)
      tzinfo (~> 0.3.23)
    activeresource (3.0.7)
      activemodel (= 3.0.7)
      activesupport (= 3.0.7)
    activesupport (3.0.7)
    acts-as-taggable-on (2.0.6)
    addressable (2.2.6)
    arel (2.0.10)
    authlogic (3.0.3)
      activerecord (>= 3.0.7)
      activerecord (>= 3.0.7)
    awesome_nested_set (2.0.1)
      activerecord (>= 3.0.0)
    aws-s3 (0.6.2)
      builder
      mime-types
      xml-simple
    babelphish (0.4.3)
      json
      ya2yaml
    babosa (0.3.5)
    bcrypt-ruby (2.1.4)
    builder (2.1.2)
    capybara (1.0.0)
      mime-types (>= 1.16)
      nokogiri (>= 1.3.3)
      rack (>= 1.0.0)
      rack-test (>= 0.5.4)
      selenium-webdriver (~> 0.2.0)
      xpath (~> 0.1.4)
    childprocess (0.1.9)
      ffi (~> 1.0.6)
    cocaine (0.1.0)
    columnize (0.3.4)
    configuration (1.3.1)
    contacts (1.2.4)
      gdata (= 1.1.1)
      json (>= 0.4.1)
    crack (0.1.8)
    cucumber (1.0.1)
      builder (>= 2.1.2)
      diff-lcs (>= 1.1.2)
      gherkin (~> 2.4.5)
      json (>= 1.4.6)
      term-ansicolor (>= 1.0.5)
    cucumber-rails (1.0.2)
      capybara (>= 1.0.0)
      cucumber (~> 1.0.0)
      nokogiri (>= 1.4.6)
    database_cleaner (0.6.7)
    diff-lcs (1.1.2)
    disguise (3.0.2)
    erubis (2.6.6)
      abstract (>= 1.0.0)
    factory_girl (1.3.3)
    faraday (0.6.1)
      addressable (~> 2.2.4)
      multipart-post (~> 1.1.0)
      rack (< 2, >= 1.1.0)
    ffi (1.0.9)
    friendly_id (3.2.1.1)
      babosa (~> 0.3.0)
    gdata (1.1.1)
    geokit (1.6.0)
    gherkin (2.4.5)
      json (>= 1.4.6)
    hpricot (0.8.4)
    httparty (0.7.8)
      crack (= 0.1.8)
    i18n (0.5.0)
    jammit (0.6.3)
      yui-compressor (>= 0.9.3)
    json (1.5.3)
    json_pure (1.5.3)
    launchy (0.4.0)
      configuration (>= 0.0.5)
      rake (>= 0.8.1)
    linecache (0.46)
      rbx-require-relative (> 0.0.4)
    mail (2.2.19)
      activesupport (>= 2.3.6)
      i18n (>= 0.4.0)
      mime-types (~> 1.16)
      treetop (~> 1.4.8)
    mime-types (1.16)
    muck-auth (3.5.2)
      muck-engine
      muck-users
      omniauth
      overlord
    muck-invites (3.4.1)
      contacts (>= 1.2.4)
      hpricot
      muck-auth (>= 3.5.1)
      muck-engine (>= 3.3.4)
      muck-portablecontacts
    muck-portablecontacts (0.2.0)
      activesupport
      json
      oauth (>= 0.3.6)
    muck-raker (3.1.0)
    multi_json (1.0.3)
    multipart-post (1.1.2)
    mysql (2.8.1)
    nested_set (1.6.7)
      activerecord (>= 3.0.0)
      railties (>= 3.0.0)
    nokogiri (1.5.0)
    oa-core (0.0.5)
      rack (~> 1.1)
    oa-oauth (0.0.1)
      json
      nokogiri
      oa-core (~> 0.0.0)
      oauth
      oauth2
    oa-openid (0.0.5)
      oa-core (= 0.0.5)
      rack-openid (~> 1.1.1)
      ruby-openid-apps-discovery
    oauth (0.4.5)
    oauth2 (0.4.1)
      faraday (~> 0.6.1)
      multi_json (>= 0.0.5)
    omniauth (0.0.1)
      oa-core (~> 0.0.0)
      oa-oauth (~> 0.0.0)
      oa-openid (~> 0.0.0)
    open4 (1.1.0)
    overlord (3.0.2)
      httparty
      json
    paperclip (2.3.15)
      activerecord (>= 2.3.0)
      activesupport (>= 2.3.2)
      cocaine (>= 0.0.2)
      mime-types
    polyglot (0.3.1)
    rack (1.2.3)
    rack-mount (0.6.14)
      rack (>= 1.0.0)
    rack-openid (1.1.2)
      rack (>= 0.4)
      ruby-openid (>= 2.0.3)
    rack-test (0.5.7)
      rack (>= 1.0)
    rails (3.0.7)
      actionmailer (= 3.0.7)
      actionpack (= 3.0.7)
      activerecord (= 3.0.7)
      activeresource (= 3.0.7)
      activesupport (= 3.0.7)
      bundler (~> 1.0)
      railties (= 3.0.7)
    railties (3.0.7)
      actionpack (= 3.0.7)
      activesupport (= 3.0.7)
      rake (>= 0.8.7)
      thor (~> 0.14.4)
    rake (0.9.2)
    rbx-require-relative (0.0.5)
    rcov (0.9.9)
    rspec (2.6.0)
      rspec-core (~> 2.6.0)
      rspec-expectations (~> 2.6.0)
      rspec-mocks (~> 2.6.0)
    rspec-core (2.6.4)
    rspec-expectations (2.6.0)
      diff-lcs (~> 1.1.2)
    rspec-mocks (2.6.0)
    rspec-rails (2.6.1)
      actionpack (~> 3.0)
      activesupport (~> 3.0)
      railties (~> 3.0)
      rspec (~> 2.6.0)
    ruby-debug (0.10.4)
      columnize (>= 0.1)
      ruby-debug-base (~> 0.10.4.0)
    ruby-debug-base (0.10.4)
      linecache (>= 0.3)
    ruby-openid (2.1.8)
    ruby-openid-apps-discovery (1.2.0)
      ruby-openid (>= 2.1.7)
    rubyzip (0.9.4)
    sanitize (2.0.3)
      nokogiri (< 1.6, >= 1.4.4)
    selenium-webdriver (0.2.2)
      childprocess (>= 0.1.9)
      ffi (>= 1.0.7)
      json_pure
      rubyzip
    shoulda (2.11.3)
    spork (0.8.5)
    term-ansicolor (1.0.5)
    thor (0.14.6)
    tiny_mce (0.1.4)
    treetop (1.4.9)
      polyglot (>= 0.3.1)
    tzinfo (0.3.29)
    uploader (3.0.2)
      aws-s3
      mime-types
      paperclip
      rack
    validation_reflection (1.0.0)
    will_paginate (3.0.pre2)
    xml-simple (1.1.0)
    xpath (0.1.4)
      nokogiri (~> 1.3)
    ya2yaml (0.30)
    yui-compressor (0.9.6)
      POpen4 (>= 0.1.4)

PLATFORMS
  ruby

DEPENDENCIES
  authlogic
  bcrypt-ruby
  capybara (>= 0.3.9)
  cucumber
  cucumber-rails
  database_cleaner
  disguise
  factory_girl
  jammit
  launchy
  muck-activities!
  muck-comments!
  muck-contents!
  muck-engine!
  muck-profiles!
  muck-shares!
  muck-solr!
  muck-users!
  mysql
  overlord
  rails (= 3.0.7)
  rcov
  rspec (>= 2.1.0)
  rspec-rails (>= 2.1.0)
  ruby-debug
  shoulda
  spork
